PATH
  remote: .
  specs:
    food_recipes (0.1.0)

GEM
  remote: https://rubygems.org/
  specs:
    coderay (1.1.2)
    colorize (0.8.1)
    diff-lcs (1.3)
    method_source (0.8.2)
    mini_portile2 (2.8.0)
    nokogiri (1.13.4)
      mini_portile2 (~> 2.8.0)
      racc (~> 1.4)
    pry (0.10.4)
      coderay (~> 1.1.0)
      method_source (~> 0.8.1)
      slop (~> 3.4)
    racc (1.6.0)
    rake (12.3.3)
    rspec (3.9.0)
      rspec-core (~> 3.9.0)
      rspec-expectations (~> 3.9.0)
      rspec-mocks (~> 3.9.0)
    rspec-core (3.9.1)
      rspec-support (~> 3.9.1)
    rspec-expectations (3.9.1)
      diff-lcs (>= 1.2.0, < 2.0)
      rspec-support (~> 3.9.0)
    rspec-mocks (3.9.1)
      diff-lcs (>= 1.2.0, < 2.0)
      rspec-support (~> 3.9.0)
    rspec-support (3.9.2)
    slop (3.6.0)

PLATFORMS
  ruby

DEPENDENCIES
  colorize (~> 0.8.1)
  food_recipes!
  nokogiri (~> 1.13)
  pry (~> 0.10.3)
  rake (~> 12.0)
  rspec (~> 3.0)

BUNDLED WITH
   2.1.4
